GEM
  remote: https://rubygems.org/
  specs:
    awesome_print (1.2.0)
    minitest (5.4.2)

PLATFORMS
  ruby

DEPENDENCIES
  awesome_print
  minitest
